GEM
  remote: http://rubygems.org/
  specs:
    configatron (2.9.1)
      yamler (>= 0.1.0)
    git (1.2.5)
    jeweler (1.8.4)
      bundler (~> 1.0)
      git (>= 1.2.5)
      rake
      rdoc
    json (1.7.3)
    rake (0.9.2.2)
    rdoc (3.12.1)
      json (~> 1.4)
    yamler (0.1.0)

PLATFORMS
  ruby

DEPENDENCIES
  bundler (~> 1.0.0)
  configatron
  jeweler (~> 1.8.4)
  json
  rdoc (~> 3.12)
